{
  "AcquisitionMatrixPE": 220,
  "AcquisitionNumber": 9,
  "AcquisitionTime": "10:05:58.560000",
  "BodyPartExamined": "HEAD",
  "CoilString": "SENSE-Head-8",
  "ConversionSoftware": "dcm2niix",
  "ConversionSoftwareVersion": "v1.0.20190410  GCC6.3.0",
  "DeviceSerialNumber": "34262",
  "EchoTime": 0.003722,
  "EchoTrainLength": 220,
  "FlipAngle": 8,
  "ImageOrientationPatientDICOM": [0, 1, 0, 0, 0, -1],
  "ImageType": [
    "ORIGINAL",
    "PRIMARY",
    "M",
    "FFE",
    "M",
    "FFE"
],
  "ImagingFrequency": 127.734,
  "InPlanePhaseEncodingDirectionDICOM": "ROW",
  "InstitutionName": "HOSPITAL_SAN_IGNACIO",
  "InstitutionalDepartmentName": "RESONANCIA",
  "MRAcquisitionType": "3D",
  "MagneticFieldStrength": 3,
  "Manufacturer": "Philips",
  "ManufacturersModelName": "Achieva",
  "Modality": "MR",
  "PatientPosition": "HFS",
  "PercentPhaseFOV": 100,
  "PhaseEncodingSteps": 220,
  "PhilipsRWVIntercept": 0,
  "PhilipsRWVSlope": 5.15116,
  "PhilipsRescaleIntercept": 0,
  "PhilipsRescaleSlope": 5.15116,
  "PhilipsScaleSlope": 0.00230112,
  "PixelBandwidth": 191,
  "ProcedureStepDescription": "RESONANCIA_FUNCIONAL_APNEA",
  "ProtocolName": "T1W3D_TFE_SENSE",
  "ReconMatrixPE": 480,
  "RepetitionTime": 0.0077616,
  "SAR": 0.0243344,
  "ScanOptions": "OTHER",
  "ScanningSequence": "GR",
  "SequenceVariant": "MP",
  "SeriesDescription": "T1W3D_TFE",
  "SeriesNumber": 901,
  "SliceThickness": 1,
  "SoftwareVersions": "3.2.3_3.2.3.5",
  "SpacingBetweenSlices": 0.5,
  "StationName": "PHILIPS-12A1D71",
  "UsePhilipsFloatNotDisplayScaling": 1,
  "dcmmeta_affine": [
    [0.5, 0.0, 0.0, -87.63671875],
    [0.0, 0.5, 0.0, -106.9078598022461],
    [0.0, 0.0, 0.5, -131.16355895996094],
    [0.0, 0.0, 0.0, 1.0]
],
  "dcmmeta_reorient_transform": [
    [0.0, 0.0, -1.0, 479.0],
    [0.0, -1.0, 0.0, 479.0],
    [-1.0, 0.0, 0.0, 339.0],
    [0.0, 0.0, 0.0, 1.0]
],
  "dcmmeta_shape": [340, 480, 480],
  "dcmmeta_slice_dim": 0,
  "dcmmeta_version": 0.6,
  "global": {
    "const": {
      "AcquisitionDuration": 280.2224426269531,
      "AcquisitionMatrix": [0, 240, 220, 0],
      "AcquisitionNumber": 9,
      "AcquisitionTime": "100558.56",
      "BitsAllocated": 16,
      "BitsStored": 12,
      "BodyPartExamined": "HEAD",
      "Columns": 480,
      "ContentTime": "100558.56",
      "DiffusionBValue": 0.0,
      "DiffusionGradientOrientation": [0.0, 0.0, 0.0],
      "EchoNumbers": 1,
      "EchoTime": 3.722,
      "EchoTrainLength": 220,
      "FlipAngle": 8.0,
      "HeartRate": 0,
      "HighBit": 11,
      "HighRRValue": 0,
      "ImageOrientationPatient": [0.0, 1.0, 0.0, 0.0, 0.0, -1.0],
      "ImageType": [
        "ORIGINAL",
        "PRIMARY",
        "M_FFE",
        "M",
        "FFE"
],
      "ImagedNucleus": "1H",
      "ImagingFrequency": 127.734418999999,
      "InPlanePhaseEncodingDirection": "ROW",
      "InstanceCreationTime": "101433",
      "IntervalsAcquired": 0,
      "IntervalsRejected": 0,
      "LossyImageCompression": "00",
      "LowRRValue": 0,
      "MRAcquisitionType": "3D",
      "MagneticFieldStrength": 3.0,
      "Manufacturer": "Philips Medical Systems",
      "ManufacturerModelName": "Achieva",
      "Modality": "MR",
      "NumberOfAverages": 1.0,
      "NumberOfPhaseEncodingSteps": 220,
      "NumberOfTemporalPositions": 1,
      "PercentPhaseFieldOfView": 100.0,
      "PercentSampling": 100.0,
      "PerformedProcedureStepEndTime": "092358",
      "PerformedProcedureStepStartTime": "092358",
      "PerformedProtocolCodeSequence": [
        {
          "CodeMeaning": "UNDEFINED",
          "CodeValue": "UNDEFINED",
          "CodingSchemeDesignator": "UNDEFINED",
          "ContextGroupExtensionFlag": "N"
        }
],
      "PhotometricInterpretation": "MONOCHROME2",
      "PixelBandwidth": 191.0,
      "PixelRepresentation": 0,
      "PixelSpacing": [0.5, 0.5],
      "PregnancyStatus": 4,
      "PresentationLUTShape": "IDENTITY",
      "ProtocolName": "T1W3D_TFE SENSE",
      "RealWorldValueMappingSequence": [
        {
          "RealWorldValueIntercept": 0.0,
          "RealWorldValueSlope": 5.1511599511599515}
],
      "ReceiveCoilName": "SENSE-Head-8",
      "ReconstructionDiameter": 240.0,
      "ReferencedPerformedProcedureStepSequence": [
        {
          "InstanceCreationDate": "20190916",
          "InstanceCreationTime": "101433",
          "InstanceCreatorUID": "1.3.6.1.4.1.5962.99.1.3439103219.256983980.1575397146757.19568.0",
          "InstanceNumber": 0,
          "ReferencedSOPClassUID": "1.2.840.10008.3.1.2.3.3",
          "ReferencedSOPInstanceUID": "1.3.6.1.4.1.5962.99.1.3439103219.256983980.1575400318264.28047.0"}
],
      "RepetitionTime": 7.7616000175476,
      "Rows": 480,
      "SAR": 0.02433437667787,
      "SamplesPerPixel": 1,
      "ScanOptions": "OTHER",
      "ScanningSequence": "GR",
      "SequenceVariant": "MP",
      "SeriesDescription": "T1W3D_TFE",
      "SeriesNumber": 901,
      "SeriesTime": "100558.56000",
      "SliceThickness": 1.0,
      "SoftwareVersions": ["3.2.3", "3.2.3.5"],
      "SpacingBetweenSlices": 0.5,
      "SpecificCharacterSet": "ISO_IR 100",
      "StudyID": "621595438",
      "StudyTime": "092358",
      "TemporalPositionIdentifier": 1,
      "TransmitCoilName": "B",
      "dBdt": 55.8794980776987},
